GEM
  remote: http://rubygems.org/
  specs:
    commander (4.1.3)
      highline (~> 1.6.11)
    faraday (0.8.5)
      multipart-post (~> 1.1)
    faraday_middleware (0.8.8)
      faraday (>= 0.7.4, < 0.9)
    highline (1.6.15)
    json (1.7.7)
    multipart-post (1.1.5)
    shenzhen (0.3.0)
      commander (~> 4.1.2)
      faraday (~> 0.8.0)
      faraday_middleware (~> 0.8.7)
      json (~> 1.7.3)

PLATFORMS
  ruby

DEPENDENCIES
  shenzhen
